PATH
  remote: .
  specs:
    trans-api (0.0.3)
      json (> 1.6.1)
      nokogiri (> 1.5.0)

GEM
  remote: https://rubygems.org/
  specs:
    json (1.8.1)
    json (1.8.1-java)
    mini_portile (0.5.2)
    nokogiri (1.6.1)
      mini_portile (~> 0.5.0)
    nokogiri (1.6.1-java)
      mini_portile (~> 0.5.0)
    test-unit (2.5.2)

PLATFORMS
  java
  ruby

DEPENDENCIES
  test-unit (> 2.0.0)
  trans-api!
